GEM
  remote: http://rubygems.org/
  specs:
    minitest (5.11.3)
    mustermann (1.0.2)
    mysql2 (0.5.1-x86-mingw32)
    rack (2.0.4)
    rack-protection (2.0.1)
      rack
    rack-test (1.0.0)
      rack (>= 1.0, < 3)
    sinatra (2.0.1)
      mustermann (~> 1.0)
      rack (~> 2.0)
      rack-protection (= 2.0.1)
      tilt (~> 2.0)
    tilt (2.0.8)

PLATFORMS
  x86-mingw32

DEPENDENCIES
  minitest
  mysql2
  rack
  rack-test
  sinatra

RUBY VERSION
   ruby 2.3.3p222

BUNDLED WITH
   1.16.1
